GIT
  remote: git://github.com/mongoid/mongoid.git
  revision: 86384aec949fc4aba846dd47d88935ccd8fd9461
  specs:
    mongoid (2.3.0)
      activemodel (~> 3.1)
      mongo (~> 1.4)
      tzinfo (~> 0.3.22)

GIT
  remote: git://github.com/nex3/haml.git
  revision: c828752fdd6db96a309aefb63e2004a97cf15462
  specs:
    haml (3.2.0.alpha.0)

GIT
  remote: git://github.com/nex3/sass.git
  revision: 081aa1044e96c20bf5d2e204d9cb5db3657be892
  specs:
    sass (3.2.0.alpha.0)

GIT
  remote: git://github.com/rails/jquery-rails.git
  revision: 56c44455cc024c4307f1ff5f1468b52cb57d24a1
  specs:
    jquery-rails (1.0.14)
      railties (~> 3.0)
      thor (~> 0.14)

GIT
  remote: git://github.com/rails/rails.git
  revision: 9a7e2b8d44b80e3380fb5ab042a861e84c8fe35c
  specs:
    actionmailer (3.2.0.beta)
      actionpack (= 3.2.0.beta)
      mail (~> 2.3.0)
    actionpack (3.2.0.beta)
      activemodel (= 3.2.0.beta)
      activesupport (= 3.2.0.beta)
      builder (~> 3.0.0)
      erubis (~> 2.7.0)
      i18n (~> 0.6)
      journey (~> 1.0.0)
      rack (~> 1.3.2)
      rack-cache (~> 1.0.3)
      rack-test (~> 0.6.1)
      sprockets (~> 2.0.0)
    activemodel (3.2.0.beta)
      activesupport (= 3.2.0.beta)
      builder (~> 3.0.0)
      i18n (~> 0.6)
    activerecord (3.2.0.beta)
      activemodel (= 3.2.0.beta)
      activesupport (= 3.2.0.beta)
      arel (~> 2.2.1)
      tzinfo (~> 0.3.29)
    activeresource (3.2.0.beta)
      activemodel (= 3.2.0.beta)
      activesupport (= 3.2.0.beta)
    activesupport (3.2.0.beta)
      i18n (~> 0.6)
      multi_json (~> 1.0)
    rails (3.2.0.beta)
      actionmailer (= 3.2.0.beta)
      actionpack (= 3.2.0.beta)
      activerecord (= 3.2.0.beta)
      activeresource (= 3.2.0.beta)
      activesupport (= 3.2.0.beta)
      bundler (~> 1.0)
      railties (= 3.2.0.beta)
    railties (3.2.0.beta)
      actionpack (= 3.2.0.beta)
      activesupport (= 3.2.0.beta)
      rack-ssl (~> 1.3.2)
      rake (>= 0.8.7)
      rdoc (~> 3.4)
      thor (~> 0.14.6)

GIT
  remote: git://github.com/rails/sass-rails.git
  revision: 64d7878bc8aacf236f3b4e36f0a07d5955a76230
  specs:
    sass-rails (3.1.1.alpha.0)
      actionpack (~> 3.2.0.beta)
      railties (~> 3.2.0.beta)
      sass (>= 3.1.4)
      sprockets (~> 2.0.0)
      tilt (~> 1.3.2)

GIT
  remote: git://github.com/tenderlove/journey.git
  revision: bc37b94050c09f13b6bd782d551f59ba492feebc
  specs:
    journey (1.0.0.20110902101342)

GIT
  remote: git://github.com/thoughtbot/capybara-webkit.git
  revision: eeeddbd072410fa8c15d7e6afe640c1be1d47dda
  specs:
    capybara-webkit (0.6.1)
      capybara (~> 1.0.0)

GIT
  remote: git@github.com:jazen/santas-little-helpers.git
  revision: 8d8a36dfcd821051f148f80fb55a8ee5ea0910d7
  specs:
    santas-little-helpers (0.0.1)

GIT
  remote: git@github.com:jazen/scss.git
  revision: e565fe9fa5782c0994ee492e55c345878c95269a
  specs:
    scss (0.0.1)

PATH
  remote: .
  specs:
    static (0.0.1)

GEM
  remote: http://rubygems.org/
  specs:
    RedCloth (4.2.8)
    arel (2.2.1)
    bson (1.4.0)
    bson_ext (1.4.0)
    builder (3.0.0)
    capybara (1.0.1)
      mime-types (>= 1.16)
      nokogiri (>= 1.3.3)
      rack (>= 1.0.0)
      rack-test (>= 0.5.4)
      selenium-webdriver (~> 2.0)
      xpath (~> 0.1.4)
    childprocess (0.2.2)
      ffi (~> 1.0.6)
    daemons (1.1.4)
    database_cleaner (0.6.7)
    diff-lcs (1.1.3)
    erubis (2.7.0)
    eventmachine (0.12.10)
    fabrication (1.2.0)
    ffi (1.0.9)
    formtastic (2.0.0)
      rails (~> 3.0)
    fuubar (0.0.6)
      rspec (~> 2.0)
      rspec-instafail (~> 0.1.8)
      ruby-progressbar (~> 0.0.10)
    haml-rails (0.3.4)
      actionpack (~> 3.0)
      activesupport (~> 3.0)
      haml (~> 3.0)
      railties (~> 3.0)
    hike (1.2.1)
    i18n (0.6.0)
    json_pure (1.6.1)
    mail (2.3.0)
      i18n (>= 0.4.0)
      mime-types (~> 1.16)
      treetop (~> 1.4.8)
    mime-types (1.16)
    mongo (1.4.0)
      bson (= 1.4.0)
    mongoid-rspec (1.4.4)
      mongoid (~> 2.0)
      rspec (~> 2)
    multi_json (1.0.3)
    nokogiri (1.5.0)
    polyglot (0.3.2)
    rack (1.3.3)
    rack-cache (1.0.3)
      rack (>= 0.4)
    rack-ssl (1.3.2)
      rack
    rack-test (0.6.1)
      rack (>= 1.0)
    rake (0.9.2)
    rdoc (3.9.4)
    rspec (2.6.0)
      rspec-core (~> 2.6.0)
      rspec-expectations (~> 2.6.0)
      rspec-mocks (~> 2.6.0)
    rspec-core (2.6.4)
    rspec-expectations (2.6.0)
      diff-lcs (~> 1.1.2)
    rspec-instafail (0.1.8)
    rspec-mocks (2.6.0)
    rspec-rails (2.6.1)
      actionpack (~> 3.0)
      activesupport (~> 3.0)
      railties (~> 3.0)
      rspec (~> 2.6.0)
    ruby-progressbar (0.0.10)
    rubyzip (0.9.4)
    selenium-webdriver (2.7.0)
      childprocess (>= 0.2.1)
      ffi (>= 1.0.7)
      json_pure
      rubyzip
    simplecov (0.5.3)
      multi_json (~> 1.0.3)
      simplecov-html (~> 0.5.3)
    simplecov-html (0.5.3)
    spork (0.9.0.rc4)
    sprockets (2.0.0)
      hike (~> 1.2)
      rack (~> 1.0)
      tilt (!= 1.3.0, ~> 1.1)
    thin (1.2.11)
      daemons (>= 1.0.9)
      eventmachine (>= 0.12.6)
      rack (>= 1.0.0)
    thor (0.14.6)
    tilt (1.3.3)
    timecop (0.3.5)
    treetop (1.4.10)
      polyglot
      polyglot (>= 0.3.1)
    tzinfo (0.3.29)
    watchr (0.7)
    xpath (0.1.4)
      nokogiri (~> 1.3)

PLATFORMS
  ruby

DEPENDENCIES
  RedCloth
  bson_ext (>= 1.3.0)
  capybara (~> 1.0.0)
  capybara-webkit!
  database_cleaner (>= 0.6.6)
  fabrication
  formtastic
  fuubar
  haml!
  haml-rails
  journey!
  jquery-rails!
  mongoid!
  mongoid-rspec (>= 1.4.1)
  rack (~> 1.3.0)
  rails!
  rspec (>= 2.5.0)
  rspec-rails (>= 2.5.0)
  santas-little-helpers!
  sass!
  sass-rails!
  scss!
  simplecov (>= 0.4.0)
  spork (= 0.9.0.rc4)
  sprockets (>= 2.0.0)
  static!
  thin
  timecop (>= 0.3.5)
  watchr
